GEM
  remote: https://rubygems.org/
  specs:
    activesupport (6.0.3.1)
      concurrent-ruby (~> 1.0, >= 1.0.2)
      i18n (>= 0.7, < 2)
      minitest (~> 5.1)
      tzinfo (~> 1.1)
      zeitwerk (~> 2.2, >= 2.2.2)
    concurrent-ruby (1.1.6)
    ffi (1.12.2)
    ffi (1.12.2-x64-mingw32)
    file-find (0.4.1)
      sys-admin (>= 1.6.0)
    i18n (1.8.2)
      concurrent-ruby (~> 1.0)
    minitest (5.14.1)
    sys-admin (1.7.4)
      ffi (>= 1.1.0)
    thread_safe (0.3.6)
    tzinfo (1.2.7)
      thread_safe (~> 0.1)
    zeitwerk (2.3.0)

PLATFORMS
  ruby
  x64-mingw32

DEPENDENCIES
  activesupport
  file-find
  zeitwerk

BUNDLED WITH
   2.1.4
